GEM
  remote: https://rubygems.org/
  specs:
    activesupport (4.2.6)
      i18n (~> 0.7)
      json (~> 1.7, >= 1.7.7)
      minitest (~> 5.1)
      thread_safe (~> 0.3, >= 0.3.4)
      tzinfo (~> 1.1)
    addressable (2.4.0)
    asciidoctor (1.5.4)
    coderay (1.1.1)
    colored (1.2)
    colorize (0.8.1)
    cri (2.7.0)
      colored (~> 1.2)
    ethon (0.8.1)
      ffi (>= 1.3.0)
    extended-markdown-filter (0.4.6)
      html-pipeline (~> 2.0)
      nokogiri (~> 1.6.4)
    ffi (1.9.10)
    ffi (1.9.10-x64-mingw32)
    gemoji (2.1.0)
    github-markdown (0.6.9)
    html-pipeline (2.2.4)
      activesupport (>= 2, < 5)
      nokogiri (>= 1.4)
    html-pipeline-asciidoc_filter (1.5.3)
      asciidoctor (~> 1.5.3)
      html-pipeline (~> 2.2.2)
    html-pipeline-rouge_filter (1.0.3)
      activesupport
      html-pipeline (>= 1.11)
      rouge (~> 1.8)
    html-proofer (3.0.4)
      activesupport (~> 4.2)
      addressable (~> 2.3)
      colored (~> 1.2)
      mercenary (~> 0.3.2)
      nokogiri (~> 1.5)
      parallel (~> 1.3)
      typhoeus (~> 0.7)
      yell (~> 2.0)
    i18n (0.7.0)
    json (1.8.3)
    liquid (3.0.6)
    mercenary (0.3.5)
    method_source (0.8.2)
    mini_portile2 (2.0.0)
    minitest (5.8.4)
    nanoc (4.1.4)
      cri (~> 2.3)
    nanoc-conref-fs (0.6.5)
      activesupport (~> 4.2)
      liquid (~> 3.0)
      nanoc (~> 4.0)
    nanoc-html-pipeline (0.3.3)
      html-pipeline (~> 2.0)
      nanoc (>= 3.1, < 5.0)
    nokogiri (1.6.7.2)
      mini_portile2 (~> 2.0.0.rc2)
    nokogiri (1.6.7.2-x64-mingw32)
      mini_portile2 (~> 2.0.0.rc2)
    parallel (1.6.2)
    pry (0.10.4)
      coderay (~> 1.1.0)
      method_source (~> 0.8.1)
      slop (~> 3.4)
    rake (11.1.1)
    rouge (1.10.1)
    slop (3.6.0)
    thread_safe (0.3.5)
    typhoeus (0.8.0)
      ethon (>= 0.8.0)
    tzinfo (1.2.2)
      thread_safe (~> 0.1)
    yell (2.0.5)

PLATFORMS
  ruby
  x64-mingw32

DEPENDENCIES
  activesupport (~> 4.2)
  colorize (~> 0.8.1)
  extended-markdown-filter (~> 0.4)
  gemoji (= 2.1.0)
  github-markdown (~> 0.6.9)
  html-pipeline-asciidoc_filter (~> 1.5)
  html-pipeline-rouge_filter (~> 1.0)
  html-proofer (~> 3.0)
  nanoc (>= 4.1, < 4.2)
  nanoc-conref-fs (~> 0.5)
  nanoc-html-pipeline (= 0.3.3)
  pry
  rake

BUNDLED WITH
   1.11.2
